GEM
  remote: https://rubygems.org/
  specs:
    backports (3.3.2)
    daemons (1.1.9)
    docile (1.0.2)
    eventmachine (1.0.3)
    extensions (0.6.0)
    git (1.2.5)
    json (1.7.7)
    multi_json (1.7.3)
    rack (1.5.2)
    rack-protection (1.5.0)
      rack
    rack-test (0.6.2)
      rack (>= 1.0)
    rake (10.1.0)
    sinatra (1.4.3)
      rack (~> 1.4)
      rack-protection (~> 1.4)
      tilt (~> 1.3, >= 1.3.4)
    sinatra-contrib (1.4.0)
      backports (>= 2.0)
      eventmachine
      rack-protection
      rack-test
      sinatra (~> 1.4.2)
      tilt (~> 1.3)
    systemu (2.5.2)
    thin (1.5.1)
      daemons (>= 1.0.9)
      eventmachine (>= 0.12.6)
      rack (>= 1.0.0)
    tilt (1.4.1)

PLATFORMS
  ruby

DEPENDENCIES
  docile
  extensions
  git
  json (~> 1.7.7)
  multi_json
  rack
  rake
  sinatra
  sinatra-contrib
  systemu
  thin
